GEM
  remote: http://rubygems.org/
  specs:
    chronic (0.8.0)
    git (1.2.5)
    jeweler (1.8.4)
      bundler (~> 1.0)
      git (>= 1.2.5)
      rake
      rdoc
    json (1.7.5)
    nokogiri (1.5.5)
    rake (10.0.2)
    rdoc (3.12)
      json (~> 1.4)

PLATFORMS
  ruby

DEPENDENCIES
  bundler
  chronic
  jeweler
  nokogiri
  rdoc
